GEM
  remote: https://rubygems.org/
  specs:
    activesupport (4.1.8)
      i18n (~> 0.6, >= 0.6.9)
      json (~> 1.7, >= 1.7.7)
      minitest (~> 5.1)
      thread_safe (~> 0.1)
      tzinfo (~> 1.1)
    awesome_print (1.2.0)
    chunky_png (1.3.3)
    hashie (2.1.2)
    i18n (0.6.11)
    json (1.8.1)
    minitest (5.4.3)
    nokogiri (1.5.11)
    psd (3.2.4)
      activesupport
      chunky_png
      psd-enginedata (~> 1)
      rake
      xmp
    psd-enginedata (1.1.0)
      hashie (~> 2.0)
    rake (10.3.2)
    thread_safe (0.3.4)
    tzinfo (1.2.2)
      thread_safe (~> 0.1)
    xmp (0.2.0)
      nokogiri (~> 1.5.0)

PLATFORMS
  ruby

DEPENDENCIES
  awesome_print (~> 1.2.0)
  psd (~> 3.2.4)
