GEM
  remote: http://rubygems.org/
  specs:
    Ascii85 (1.0.2)
    activesupport (4.1.8)
      i18n (~> 0.6, >= 0.6.9)
      json (~> 1.7, >= 1.7.7)
      minitest (~> 5.1)
      thread_safe (~> 0.1)
      tzinfo (~> 1.1)
    afm (0.2.2)
    awesome_print (1.2.0)
    chunky_png (1.3.3)
    hashery (2.1.1)
    hashie (2.1.2)
    i18n (0.6.11)
    json (1.8.1)
    minitest (5.4.3)
    nokogiri (1.5.11)
    pdf-core (0.4.0)
    pdf-reader (1.3.3)
      Ascii85 (~> 1.0.0)
      afm (~> 0.2.0)
      hashery (~> 2.0)
      ruby-rc4
      ttfunk
    prawn (1.3.0)
      pdf-core (~> 0.4.0)
      ttfunk (~> 1.4.0)
    psd (3.2.4)
      activesupport
      chunky_png
      psd-enginedata (~> 1)
      rake
      xmp
    psd-enginedata (1.1.0)
      hashie (~> 2.0)
    rake (10.3.2)
    ruby-rc4 (0.1.5)
    thread_safe (0.3.4)
    ttfunk (1.4.0)
    tzinfo (1.2.2)
      thread_safe (~> 0.1)
    xmp (0.2.0)
      nokogiri (~> 1.5.0)

PLATFORMS
  ruby

DEPENDENCIES
  awesome_print (~> 1.2.0)
  pdf-reader (~> 1.3.3)
  prawn (~> 1.3.0)
  psd (~> 3.2.4)
